GEM
  remote: https://rubygems.org/
  specs:
    addressable (2.2.8)
    childprocess (0.3.2)
      ffi (~> 1.0.6)
    chunky_png (1.2.5)
    coffee-script (2.2.0)
      coffee-script-source
      execjs
    coffee-script-source (1.3.3)
    compass (0.12.1)
      chunky_png (~> 1.2)
      fssm (>= 0.2.7)
      sass (~> 3.1)
    diff-lcs (1.1.3)
    execjs (1.4.0)
      multi_json (~> 1.0)
    ffi (1.0.11)
    fssm (0.2.9)
    guard (1.0.3)
      ffi (>= 0.5.0)
      thor (>= 0.14.6)
    guard-coffeescript (0.6.0)
      coffee-script (>= 2.2.0)
      guard (>= 0.8.3)
    guard-compass (0.0.6)
      compass (>= 0.10.5)
      guard (>= 0.2.1)
    jasmine (1.2.0)
      jasmine-core (>= 1.2.0)
      rack (~> 1.0)
      rspec (>= 1.3.1)
      selenium-webdriver (>= 0.1.3)
    jasmine-core (1.2.0)
    json (1.7.3)
    libwebsocket (0.1.3)
      addressable
    multi_json (1.3.6)
    oily_png (1.0.2)
      chunky_png (~> 1.2.1)
    rack (1.4.1)
    rake (0.9.2.2)
    rspec (2.10.0)
      rspec-core (~> 2.10.0)
      rspec-expectations (~> 2.10.0)
      rspec-mocks (~> 2.10.0)
    rspec-core (2.10.1)
    rspec-expectations (2.10.0)
      diff-lcs (~> 1.1.3)
    rspec-mocks (2.10.1)
    rubyzip (0.9.8)
    sass (3.1.19)
    selenium-webdriver (2.22.0)
      childprocess (>= 0.2.5)
      ffi (~> 1.0)
      libwebsocket (~> 0.1.3)
      multi_json (~> 1.0)
      rubyzip
    thor (0.15.2)

PLATFORMS
  x86-mingw32

DEPENDENCIES
  coffee-script-source (~> 1.3.3)
  guard (~> 1.0.3)
  guard-coffeescript (~> 0.6.0)
  guard-compass (~> 0.0.6)
  jasmine (~> 1.2.0)
  json (~> 1.7.3)
  oily_png (~> 1.0.2)
  rake (~> 0.9.2.2)
